PATH
  remote: .
  specs:
    activemdb (0.3.0)
      activesupport (~> 6.0.1)

GEM
  remote: https://rubygems.org/
  specs:
    activesupport (6.0.3.3)
      concurrent-ruby (~> 1.0, >= 1.0.2)
      i18n (>= 0.7, < 2)
      minitest (~> 5.1)
      tzinfo (~> 1.1)
      zeitwerk (~> 2.2, >= 2.2.2)
    allison (2.0.3)
    concurrent-ruby (1.1.7)
    echoe (4.6.6)
      allison (>= 2.0.3)
      rake (>= 0.9.2)
      rdoc (>= 2.5.11)
      rubyforge (>= 2.0.4)
    i18n (1.8.5)
      concurrent-ruby (~> 1.0)
    json_pure (2.2.0)
    minitest (5.14.2)
    power_assert (1.1.3)
    rake (12.3.2)
    rdoc (6.1.1)
    rubyforge (2.0.4)
      json_pure (>= 1.1.7)
    test-unit (3.3.0)
      power_assert
    thread_safe (0.3.6)
    tzinfo (1.2.7)
      thread_safe (~> 0.1)
    zeitwerk (2.4.0)

PLATFORMS
  ruby

DEPENDENCIES
  activemdb!
  echoe
  rake
  test-unit (~> 3.3.0)

BUNDLED WITH
   2.1.4
